GEM
  remote: http://rubygems.org/
  specs:
    chunky_png (1.2.0)
    compass (0.11.1)
      chunky_png (~> 1.1)
      fssm (>= 0.2.7)
      sass (~> 3.1)
    fssm (0.2.7)
    git (1.2.5)
    jeweler (1.6.2)
      bundler (~> 1.0)
      git (>= 1.2.5)
      rake
    rake (0.9.2)
    sass (3.1.2)

PLATFORMS
  ruby

DEPENDENCIES
  bundler (~> 1.0.0)
  compass (>= 0.11.1)
  jeweler (~> 1.6.2)
